GEM
  specs:
    gosu (1.2.0)

PLATFORMS
  x86_64-linux

DEPENDENCIES
  gosu

RUBY VERSION
   ruby 3.0.0p0

BUNDLED WITH
   2.2.3
